GIT
  remote: git://github.com/marcisme/guard-copy.git
  revision: 68df054f4ad9adfa29b22486edf592d5070538ba
  specs:
    guard-copy (0.0.7)
      guard (~> 1.1)

GEM
  specs:
    coderay (1.0.9)
    ffi (1.6.0)
    formatador (0.2.4)
    guard (1.7.0)
      formatador (>= 0.2.4)
      listen (>= 0.6.0)
      lumberjack (>= 1.0.2)
      pry (>= 0.9.10)
      thor (>= 0.14.6)
    listen (0.7.3)
    lumberjack (1.0.3)
    method_source (0.8.1)
    pry (0.9.12)
      coderay (~> 1.0.5)
      method_source (~> 0.8)
      slop (~> 3.4)
    rb-inotify (0.9.0)
      ffi (>= 0.5.0)
    slop (3.4.4)
    thor (0.18.1)

PLATFORMS
  ruby

DEPENDENCIES
  guard-copy!
  rb-inotify (~> 0.9)
